STORAGE: NONE
RESTRICTION: || (== netcoreapp3.1) (== netstandard2.0) (== netstandard2.1)
NUGET
  remote: https://api.nuget.org/v3/index.json
    fscheck (2.14.4)
      FSharp.Core (>= 4.2.3)
    FSharp.Core (5.0)
